GEM
  remote: https://rubygems.org/
  specs:
    bigdecimal (3.1.9)
    csv (3.3.4)
    httparty (0.23.1)
      csv
      mini_mime (>= 1.0.0)
      multi_xml (>= 0.5.2)
    mini_mime (1.1.5)
    multi_xml (0.7.1)
      bigdecimal (~> 3.1)

PLATFORMS
  ruby
  x86_64-linux

DEPENDENCIES
  httparty (~> 0.23.0)

RUBY VERSION
   ruby 3.3.1p55

BUNDLED WITH
   2.5.16
